GEM
  remote: http://rubygems.org/
  specs:
    RubyInline (3.11.0)
      ZenTest (~> 4.3)
    XMLCanonicalizer (1.0.1)
      log4r (>= 1.0.4)
    ZenTest (4.5.0)
    abstract (1.0.0)
    actionmailer (3.0.3)
      actionpack (= 3.0.3)
      mail (~> 2.2.9)
    actionpack (3.0.3)
      activemodel (= 3.0.3)
      activesupport (= 3.0.3)
      builder (~> 2.1.2)
      erubis (~> 2.6.6)
      i18n (~> 0.4)
      rack (~> 1.2.1)
      rack-mount (~> 0.6.13)
      rack-test (~> 0.5.6)
      tzinfo (~> 0.3.23)
    activemodel (3.0.3)
      activesupport (= 3.0.3)
      builder (~> 2.1.2)
      i18n (~> 0.4)
    activerecord (3.0.3)
      activemodel (= 3.0.3)
      activesupport (= 3.0.3)
      arel (~> 2.0.2)
      tzinfo (~> 0.3.23)
    activerecord-oracle_enhanced-adapter (1.4.0)
    activeresource (3.0.3)
      activemodel (= 3.0.3)
      activesupport (= 3.0.3)
    activesupport (3.0.3)
    acts_as_versioned (0.6.0)
      activerecord (~> 3.0.0.beta4)
    addressable (2.2.6)
    arel (2.0.10)
    autotest (4.4.6)
      ZenTest (>= 4.4.1)
    autotest-rails (4.1.1)
      ZenTest (= 4.5)
    aws-s3 (0.6.2)
      builder
      mime-types
      xml-simple
    barby (0.4.2)
    barcode (0.2)
    bcrypt-ruby (2.1.4)
    breadcrumbs (0.1.6)
      i18n
    builder (2.1.2)
    cached_resource (2.0.1)
      activeresource
      activesupport
      rake
    capistrano (2.9.0)
      highline
      net-scp (>= 1.0.0)
      net-sftp (>= 2.0.0)
      net-ssh (>= 2.0.14)
      net-ssh-gateway (>= 1.1.0)
    chunky_png (1.2.1)
    cocaine (0.2.1)
    devise (1.1.5)
      bcrypt-ruby (~> 2.1.2)
      warden (~> 1.0.2)
    diff-lcs (1.1.3)
    erubis (2.6.6)
      abstract (>= 1.0.0)
    escape (0.0.4)
    factory_girl (2.3.2)
      activesupport
    factory_girl_rails (1.4.0)
      factory_girl (~> 2.3.0)
      railties (>= 3.0.0)
    faraday (0.7.5)
      addressable (~> 2.2.6)
      multipart-post (~> 1.1.3)
      rack (>= 1.1.0, < 2)
    highline (1.6.9)
    hoe (2.8.0)
      rake (>= 0.8.7)
    i18n (0.6.0)
    log4r (1.1.9)
    macaddr (1.5.0)
      systemu (>= 2.4.0)
    mail (2.2.19)
      activesupport (>= 2.3.6)
      i18n (>= 0.4.0)
      mime-types (~> 1.16)
      treetop (~> 1.4.8)
    mechanize (2.0.1)
      net-http-digest_auth (~> 1.1, >= 1.1.1)
      net-http-persistent (~> 1.8)
      nokogiri (~> 1.4)
      webrobots (~> 0.0, >= 0.0.9)
    mime-types (1.17.2)
    multi_json (1.0.4)
    multi_xml (0.4.1)
    multipart-post (1.1.4)
    net-http-digest_auth (1.1.1)
    net-http-persistent (1.9)
    net-ldap (0.2.2)
    net-scp (1.0.4)
      net-ssh (>= 1.99.1)
    net-sftp (2.0.5)
      net-ssh (>= 2.0.9)
    net-ssh (2.2.2)
    net-ssh-gateway (1.1.0)
      net-ssh (>= 1.99.1)
    newrelic_rpm (3.3.2)
    nokogiri (1.5.0)
    oa-basic (0.3.2)
      oa-core (= 0.3.2)
      rest-client (~> 1.6.0)
    oa-core (0.3.2)
    oa-enterprise (0.3.2)
      XMLCanonicalizer (~> 1.0.1)
      addressable (~> 2.2.6)
      net-ldap (~> 0.2.2)
      nokogiri (~> 1.5.0)
      oa-core (= 0.3.2)
      pyu-ruby-sasl (~> 0.0.3.1)
      rubyntlm (~> 0.1.1)
      uuid
    oa-more (0.3.2)
      multi_json (~> 1.0.0)
      oa-core (= 0.3.2)
      rest-client (~> 1.6.0)
    oa-oauth (0.3.2)
      faraday (~> 0.7.3)
      multi_json (~> 1.0.0)
      multi_xml (~> 0.4.0)
      oa-core (= 0.3.2)
      oauth (~> 0.4.0)
      oauth2 (~> 0.5.0)
    oa-openid (0.3.2)
      oa-core (= 0.3.2)
      rack-openid (~> 1.3.1)
      ruby-openid-apps-discovery (~> 1.2.0)
    oauth (0.4.5)
    oauth2 (0.5.1)
      faraday (~> 0.7.4)
      multi_json (~> 1.0.3)
    omniauth (0.3.2)
      oa-basic (= 0.3.2)
      oa-core (= 0.3.2)
      oa-enterprise (= 0.3.2)
      oa-more (= 0.3.2)
      oa-oauth (= 0.3.2)
      oa-openid (= 0.3.2)
    paperclip (2.4.5)
      activerecord (>= 2.3.0)
      activesupport (>= 2.3.2)
      cocaine (>= 0.0.2)
      mime-types
    png (1.1.0)
      RubyInline (>= 3.5.0)
      hoe (>= 1.2.0)
    polyglot (0.3.3)
    pr_geohash (1.0.0)
    pyu-ruby-sasl (0.0.3.3)
    rack (1.2.4)
    rack-mount (0.6.14)
      rack (>= 1.0.0)
    rack-openid (1.3.1)
      rack (>= 1.1.0)
      ruby-openid (>= 2.1.8)
    rack-test (0.5.7)
      rack (>= 1.0)
    rails (3.0.3)
      actionmailer (= 3.0.3)
      actionpack (= 3.0.3)
      activerecord (= 3.0.3)
      activeresource (= 3.0.3)
      activesupport (= 3.0.3)
      bundler (~> 1.0)
      railties (= 3.0.3)
    railties (3.0.3)
      actionpack (= 3.0.3)
      activesupport (= 3.0.3)
      rake (>= 0.8.7)
      thor (~> 0.14.4)
    rake (0.9.2.2)
    rest-client (1.6.7)
      mime-types (>= 1.16)
    rsolr (0.12.1)
      builder (>= 2.1.2)
    rspec (2.7.0)
      rspec-core (~> 2.7.0)
      rspec-expectations (~> 2.7.0)
      rspec-mocks (~> 2.7.0)
    rspec-core (2.7.1)
    rspec-expectations (2.7.0)
      diff-lcs (~> 1.1.2)
    rspec-mocks (2.7.0)
    rspec-rails (2.7.0)
      actionpack (~> 3.0)
      activesupport (~> 3.0)
      railties (~> 3.0)
      rspec (~> 2.7.0)
    ruby-oci8 (2.1.0)
    ruby-openid (2.1.8)
    ruby-openid-apps-discovery (1.2.0)
      ruby-openid (>= 2.1.7)
    ruby-plsql (0.4.4)
    rubyntlm (0.1.1)
    rubyzip (0.9.5)
    rufus-scheduler (2.0.14)
      tzinfo (>= 0.3.23)
    settingslogic (2.0.6)
    spork (0.9.0.rc7)
    sunspot (1.2.1)
      escape (= 0.0.4)
      pr_geohash (~> 1.0)
      rsolr (= 0.12.1)
    sunspot-rails-http-basic-auth (0.0.2)
      sunspot_rails (~> 1.2.1)
    sunspot_rails (1.2.1)
      nokogiri
      sunspot (= 1.2.1)
    sunspot_solr (1.3.0)
      escape (~> 0.0.4)
    systemu (2.4.2)
    thor (0.14.6)
    treetop (1.4.10)
      polyglot
      polyglot (>= 0.3.1)
    tzinfo (0.3.31)
    uuid (2.3.4)
      macaddr (~> 1.0)
    warden (1.0.6)
      rack (>= 1.0)
    webrat (0.7.1)
      nokogiri (>= 1.2.0)
      rack (>= 1.0)
      rack-test (>= 0.5.3)
    webrobots (0.0.11)
      nokogiri (>= 1.4.4)
    will_paginate (3.0.2)
    xml-simple (1.1.1)

PLATFORMS
  ruby

DEPENDENCIES
  activerecord-oracle_enhanced-adapter
  acts_as_versioned
  autotest
  autotest-rails
  aws-s3
  barby (= 0.4.2)
  barcode
  breadcrumbs
  cached_resource
  capistrano
  chunky_png
  devise (= 1.1.5)
  factory_girl_rails (~> 1.1)
  hoe (= 2.8.0)
  mechanize
  newrelic_rpm
  nokogiri
  omniauth (~> 0.3.2)
  paperclip
  png (= 1.1.0)
  rails (= 3.0.3)
  rspec
  rspec-rails
  ruby-oci8
  ruby-plsql
  rubyzip
  rufus-scheduler
  settingslogic (= 2.0.6)
  spork (= 0.9.0.rc7)
  sunspot-rails-http-basic-auth (= 0.0.2)
  sunspot_rails (= 1.2.1)
  sunspot_solr
  webrat (= 0.7.1)
  will_paginate (~> 3.0.pre2)
